PATH
  remote: .
  specs:
    remockable (0.0.9)
      activemodel (~> 3.0)
      activerecord (~> 3.0)
      activesupport (~> 3.0)
      rspec-core (~> 2.0)
      rspec-expectations (~> 2.0)

GEM
  remote: http://rubygems.org/
  specs:
    activemodel (3.1.1)
      activesupport (= 3.1.1)
      builder (~> 3.0.0)
      i18n (~> 0.6)
    activerecord (3.1.1)
      activemodel (= 3.1.1)
      activesupport (= 3.1.1)
      arel (~> 2.2.1)
      tzinfo (~> 0.3.29)
    activesupport (3.1.1)
      multi_json (~> 1.0)
    arel (2.2.1)
    builder (3.0.0)
    diff-lcs (1.1.3)
    i18n (0.6.0)
    multi_json (1.0.3)
    rspec-core (2.6.4)
    rspec-expectations (2.6.0)
      diff-lcs (~> 1.1.2)
    rspec-mocks (2.5.0)
    sqlite3 (1.3.4)
    tzinfo (0.3.30)

PLATFORMS
  ruby

DEPENDENCIES
  remockable!
  rspec-mocks (~> 2.0)
  sqlite3 (~> 1.3.4)
