PATH
  remote: .
  specs:
    remockable (0.0.1)
      activemodel (~> 3.0.1)
      rspec-core (~> 2.0.1)
      rspec-expectations (~> 2.0.1)

GEM
  remote: http://rubygems.org/
  specs:
    activemodel (3.0.1)
      activesupport (= 3.0.1)
      builder (~> 2.1.2)
      i18n (~> 0.4.1)
    activesupport (3.0.1)
    builder (2.1.2)
    diff-lcs (1.1.2)
    i18n (0.4.2)
    rspec-core (2.0.1)
    rspec-expectations (2.0.1)
      diff-lcs (>= 1.1.2)

PLATFORMS
  ruby

DEPENDENCIES
  remockable!
